GEM
  remote: https://rubygems.org/
  specs:
    debugger-ruby_core_source (1.3.8)
    dotenv (0.11.1)
      dotenv-deployment (~> 0.0.2)
    dotenv-deployment (0.0.2)
    erubis (2.7.0)
    foreman (0.74.0)
      dotenv (~> 0.11.1)
      thor (~> 0.19.1)
    mysql2 (0.3.16)
    mysql2-cs-bind (0.0.6)
      mysql2
    prefork_engine (0.0.5)
      proc-wait3 (~> 1.7.2)
    proc-wait3 (1.7.2)
    rack (1.5.2)
    rack-flash3 (1.0.5)
      rack
    rack-lineprof (0.0.3)
      rack (~> 1.5)
      rblineprof (~> 0.3.6)
      term-ansicolor (~> 1.3)
    rack-protection (1.5.3)
      rack
    rblineprof (0.3.6)
      debugger-ruby_core_source (~> 1.3)
    rhebok (0.8.6)
      prefork_engine (>= 0.0.4)
      rack
    sinatra (1.4.5)
      rack (~> 1.4)
      rack-protection (~> 1.4)
      tilt (~> 1.3, >= 1.3.4)
    stackprof (0.2.7)
    term-ansicolor (1.3.2)
      tins (~> 1.0)
    thor (0.19.1)
    tilt (1.4.1)
    tins (1.6.0)

PLATFORMS
  ruby

DEPENDENCIES
  erubis
  foreman
  mysql2-cs-bind
  rack-flash3
  rack-lineprof
  rhebok
  sinatra
  stackprof

BUNDLED WITH
   1.10.6
