GEM
  remote: https://rubygems.org/
  specs:
    dotenv (0.11.1)
      dotenv-deployment (~> 0.0.2)
    dotenv-deployment (0.0.2)
    foreman (0.74.0)
      dotenv (~> 0.11.1)
      thor (~> 0.19.1)
    insensitive_hash (0.3.3)
    jdbc-helper (0.8.2)
      insensitive_hash (>= 0.2.4)
      sql_helper (~> 0.1.1)
    jdbc-mysql (5.1.36)
    puma (2.14.0)
    puma (2.14.0-java)
    rack (1.5.2)
    rack-flash3 (1.0.5)
      rack
    rack-protection (1.5.3)
      rack
    sinatra (1.4.5)
      rack (~> 1.4)
      rack-protection (~> 1.4)
      tilt (~> 1.3, >= 1.3.4)
    sql_helper (0.1.1)
    thor (0.19.1)
    tilt (1.4.1)

PLATFORMS
  java
  ruby

DEPENDENCIES
  foreman
  jdbc-helper
  jdbc-mysql
  puma
  rack-flash3
  sinatra

BUNDLED WITH
   1.10.6
